GEM
  remote: https://rubygems.org/
  specs:
    minitest (5.25.5)
    pastel (0.8.0)
      tty-color (~> 0.5)
    rake (13.3.0)
    tty-color (0.6.0)
    tty-cursor (0.7.1)
    tty-prompt (0.23.1)
      pastel (~> 0.8)
      tty-reader (~> 0.8)
    tty-reader (0.9.0)
      tty-cursor (~> 0.7)
      tty-screen (~> 0.8)
      wisper (~> 2.0)
    tty-screen (0.8.2)
    victor (0.5.0)
    wisper (2.0.1)

PLATFORMS
  ruby
  x86_64-linux

DEPENDENCIES
  minitest (~> 5.0)
  pastel (~> 0.8)
  rake (~> 13.0)
  tty-prompt (~> 0.23)
  victor (~> 0.3)

RUBY VERSION
   ruby 3.4.2p28

BUNDLED WITH
   2.6.2
